GEM
  remote: https://rubygems.org/
  specs:
    coderay (1.1.3)
    language_server-protocol (3.17.0.0)
    method_source (1.0.0)
    prettier_print (0.1.0)
    pry (0.14.1)
      coderay (~> 1.1)
      method_source (~> 1.0)
    rack (2.2.3)
    rack-test (1.1.0)
      rack (>= 1.0, < 3)
    ruby-lsp (0.3.0)
      language_server-protocol
      sorbet-runtime
      syntax_tree (>= 3.4)
    sorbet-runtime (0.5.10398)
    syntax_tree (3.5.0)
      prettier_print
    webrick (1.7.0)

PLATFORMS
  universal-darwin-20
  universal-darwin-21
  x86_64-linux

DEPENDENCIES
  pry
  rack (~> 2.2)
  rack-test (~> 1.1)
  ruby-lsp (~> 0.3.0)
  webrick (~> 1.7)

BUNDLED WITH
   2.2.30
